GEM
  remote: http://rubygems.org/
  remote: http://gems.github.com/
  specs:
    abstract (1.0.0)
    actionmailer (3.0.3)
      actionpack (= 3.0.3)
      mail (~> 2.2.9)
    actionpack (3.0.3)
      activemodel (= 3.0.3)
      activesupport (= 3.0.3)
      builder (~> 2.1.2)
      erubis (~> 2.6.6)
      i18n (~> 0.4)
      rack (~> 1.2.1)
      rack-mount (~> 0.6.13)
      rack-test (~> 0.5.6)
      tzinfo (~> 0.3.23)
    activemodel (3.0.3)
      activesupport (= 3.0.3)
      builder (~> 2.1.2)
      i18n (~> 0.4)
    activerecord (3.0.3)
      activemodel (= 3.0.3)
      activesupport (= 3.0.3)
      arel (~> 2.0.2)
      tzinfo (~> 0.3.23)
    activeresource (3.0.3)
      activemodel (= 3.0.3)
      activesupport (= 3.0.3)
    activesupport (3.0.3)
    admin_data (1.0.22)
      will_paginate (>= 3.0.pre2)
    apotomo (1.0.1)
      cells (~> 3.4.2)
      hooks (~> 0.1.3)
      onfire (>= 0.1.0)
      rails (>= 3.0.0)
    archive-tar-minitar (0.5.2)
    arel (2.0.4)
    builder (2.1.2)
    capistrano (2.5.19)
      highline
      net-scp (>= 1.0.0)
      net-sftp (>= 2.0.0)
      net-ssh (>= 2.0.14)
      net-ssh-gateway (>= 1.0.0)
    cells (3.4.2)
    columnize (0.3.2)
    diff-lcs (1.1.2)
    erubis (2.6.6)
      abstract (>= 1.0.0)
    haml (3.0.24)
    has_scope (0.5.0)
    highline (1.6.1)
    hooks (0.1.3)
    i18n (0.4.2)
    inherited_resources (1.1.2)
      has_scope (~> 0.5.0)
      responders (~> 0.6.0)
    linecache19 (0.5.11)
      ruby_core_source (>= 0.1.4)
    mail (2.2.10)
      activesupport (>= 2.3.6)
      i18n (~> 0.4.1)
      mime-types (~> 1.16)
      treetop (~> 1.4.8)
    mime-types (1.16)
    mocha (0.9.10)
      rake
    net-scp (1.0.4)
      net-ssh (>= 1.99.1)
    net-sftp (2.0.5)
      net-ssh (>= 2.0.9)
    net-ssh (2.0.23)
    net-ssh-gateway (1.0.1)
      net-ssh (>= 1.99.1)
    nokogiri (1.4.4)
    object_daddy (0.4.3)
    onfire (0.1.0)
    parallel (0.5.1)
    parallel_tests (0.4.8)
      parallel
    pg (0.9.0)
    polyglot (0.3.1)
    rack (1.2.1)
    rack-bug (0.3.0)
      rack (>= 1.0)
    rack-mount (0.6.13)
      rack (>= 1.0.0)
    rack-test (0.5.6)
      rack (>= 1.0)
    rails (3.0.3)
      actionmailer (= 3.0.3)
      actionpack (= 3.0.3)
      activerecord (= 3.0.3)
      activeresource (= 3.0.3)
      activesupport (= 3.0.3)
      bundler (~> 1.0)
      railties (= 3.0.3)
    railties (3.0.3)
      actionpack (= 3.0.3)
      activesupport (= 3.0.3)
      rake (>= 0.8.7)
      thor (~> 0.14.4)
    rake (0.8.7)
    rcov (0.9.9)
    responders (0.6.2)
    rspec (2.0.0.beta.12)
      rspec-core (= 2.0.0.beta.12)
      rspec-expectations (= 2.0.0.beta.12)
      rspec-mocks (= 2.0.0.beta.12)
    rspec-core (2.0.0.beta.12)
    rspec-expectations (2.0.0.beta.12)
      diff-lcs (>= 1.1.2)
    rspec-mocks (2.0.0.beta.12)
    rspec-rails (2.0.0.beta.12)
      rspec (= 2.0.0.beta.12)
      webrat (>= 0.7.0)
    ruby-debug-base19 (0.11.24)
      columnize (>= 0.3.1)
      linecache19 (>= 0.5.11)
      ruby_core_source (>= 0.1.4)
    ruby-debug19 (0.11.6)
      columnize (>= 0.3.1)
      linecache19 (>= 0.5.11)
      ruby-debug-base19 (>= 0.11.19)
    ruby_core_source (0.1.4)
      archive-tar-minitar (>= 0.5.2)
    shoulda (2.11.3)
    sqlite3-ruby (1.3.2)
    test-unit (2.1.2)
    thor (0.14.6)
    time-warp (1.0.7)
    treetop (1.4.9)
      polyglot (>= 0.3.1)
    tzinfo (0.3.23)
    watchr (0.7)
    webrat (0.7.2)
      nokogiri (>= 1.2.0)
      rack (>= 1.0)
      rack-test (>= 0.5.3)
    will_paginate (3.0.pre2)

PLATFORMS
  ruby

DEPENDENCIES
  admin_data
  apotomo
  capistrano
  haml
  has_scope
  inherited_resources (= 1.1.2)
  mocha
  object_daddy
  parallel_tests
  pg
  rack-bug
  rails (= 3.0.3)
  rcov
  responders
  rspec-rails (= 2.0.0.beta.12)
  ruby-debug19
  shoulda
  sqlite3-ruby
  test-unit (~> 2.0)
  time-warp
  watchr
  webrat
  will_paginate (~> 3.0.pre2)
